GEM
  remote: https://rubygems.org/
  specs:
    coderay (1.0.9)
    ffi (1.4.0)
    guard (1.6.2)
      listen (>= 0.6.0)
      lumberjack (>= 1.0.2)
      pry (>= 0.9.10)
      terminal-table (>= 1.4.3)
      thor (>= 0.14.6)
    guard-unicorn (0.0.8)
      guard (>= 1.1)
    kgio (2.8.0)
    listen (0.7.3)
    lumberjack (1.0.2)
    method_source (0.8.1)
    pry (0.9.12)
      coderay (~> 1.0.5)
      method_source (~> 0.8)
      slop (~> 3.4)
    rack (1.5.2)
    rack-protection (1.4.0)
      rack
    raindrops (0.10.0)
    rb-fsevent (0.9.3)
    rb-inotify (0.9.0)
      ffi (>= 0.5.0)
    sinatra (1.3.5)
      rack (~> 1.4)
      rack-protection (~> 1.3)
      tilt (~> 1.3, >= 1.3.3)
    slim (1.3.6)
      temple (~> 0.5.5)
      tilt (~> 1.3.3)
    slop (3.4.3)
    temple (0.5.5)
    terminal-table (1.4.5)
    thor (0.17.0)
    tilt (1.3.4)
    unicorn (4.6.2)
      kgio (~> 2.6)
      rack
      raindrops (~> 0.7)

PLATFORMS
  ruby

DEPENDENCIES
  guard
  guard-unicorn
  listen
  rb-fsevent
  rb-inotify
  sinatra
  slim
  unicorn
